GEM
  remote: https://rubygems.org/
  specs:
    daemons (1.4.1)
    eventmachine (1.2.7)
    faraday (2.4.0)
      faraday-net_http (~> 2.0)
      ruby2_keywords (>= 0.0.4)
    faraday-net_http (2.1.0)
    foreman (0.87.2)
    mustermann (2.0.2)
      ruby2_keywords (~> 0.0.1)
    rack (2.2.4)
    rack-protection (2.2.2)
      rack
    ruby2_keywords (0.0.5)
    sinatra (2.2.2)
      mustermann (~> 2.0)
      rack (~> 2.2)
      rack-protection (= 2.2.2)
      tilt (~> 2.0)
    sinatra-cors (1.2.0)
    thin (1.8.1)
      daemons (~> 1.0, >= 1.0.9)
      eventmachine (~> 1.0, >= 1.0.4)
      rack (>= 1, < 3)
    tilt (2.0.11)

PLATFORMS
  ruby

DEPENDENCIES
  faraday
  foreman
  sinatra
  sinatra-cors
  thin

BUNDLED WITH
   1.17.3
